GEM
  remote: https://rubygems.org/
  specs:
    circleci (1.1.0)

PLATFORMS
  ruby

DEPENDENCIES
  circleci

BUNDLED WITH
   1.10.5
